PATH
  remote: .
  specs:
    rettle (0.3.5)
      nkf

GEM
  remote: https://rubygems.org/
  specs:
    minitest (5.25.4)
    nkf (0.2.0)
    rake (13.2.1)

PLATFORMS
  ruby
  x86_64-linux

DEPENDENCIES
  minitest (~> 5.16)
  rake (~> 13.0)
  rettle!

BUNDLED WITH
   2.6.2
